PATH
  remote: .
  specs:
    voight_kampff (0.1.4)
      httpclient (~> 2.2)
      nokogiri (~> 1.6.0)

GEM
  remote: https://www.rubygems.org/
  specs:
    httpclient (2.3.3)
    json (1.8.0)
    mini_portile (0.5.1)
    minitest (4.7.5)
    nokogiri (1.6.0)
      mini_portile (~> 0.5.0)
    rake (10.1.0)
    rdoc (4.0.1)
      json (~> 1.4)

PLATFORMS
  ruby

DEPENDENCIES
  minitest (~> 4.7)
  rake
  rdoc (>= 2.4.2)
  voight_kampff!
